GEM
  remote: https://rubygems.org/
  specs:
    colorize (0.7.0)
    redcarpet (3.1.1)
    tilt (1.4.1)

PLATFORMS
  ruby

DEPENDENCIES
  colorize
  redcarpet
  tilt
